GEM
  remote: https://rubygems.org/
  specs:
    erubis (2.7.0)
    mini_portile2 (2.8.5)
    nokogiri (1.15.5)
      mini_portile2 (~> 2.8.2)
      racc (~> 1.4)
    power_assert (2.0.3)
    psych (5.1.1.1)
      stringio
    racc (1.7.3)
    rake (13.1.0)
    rdoc (6.6.0)
      psych (>= 4.0.0)
    stringio (3.0.9)
    test-unit (3.6.1)
      power_assert

PLATFORMS
  ruby

DEPENDENCIES
  erubis
  nokogiri
  rake
  rdoc
  test-unit (~> 3.0)

BUNDLED WITH
   2.4.10
